PATH
  remote: .
  specs:
    workin (0.1.0)
      awesome_print (~> 1.7, >= 1.7.0)
      colorize (~> 0.7.7)
      dnsruby
      gem-man (~> 0.3, >= 0.3.0)
      highline
      i18n (~> 0.7, >= 0.7.0)
      ipaddress (~> 0.8, >= 0.8.0)
      ipcalc (~> 1.0, >= 1.0.0)
      net-ssh
      netaddr (~> 1.5, >= 1.5.0)
      prompt (~> 1.2, >= 1.2.2)
      public_suffix
      rest-client (~> 1.8, >= 1.8.0)
      ruby-progressbar
      thor (~> 0.19.1)
      tty-prompt (~> 0.7, >= 0.7.1)
      xml-simple (~> 1.1, >= 1.1.5)

GEM
  remote: https://rubygems.org/
  specs:
    awesome_print (1.8.0)
    colorize (0.7.7)
    concurrent-ruby (1.0.5)
    dnsruby (1.60.2)
    domain_name (0.5.20180417)
      unf (>= 0.0.5, < 1.0.0)
    equatable (0.5.0)
    gem-man (0.3.0)
    highline (2.0.0)
    hitimes (1.3.0)
    http-cookie (1.0.3)
      domain_name (~> 0.5)
    i18n (0.9.5)
      concurrent-ruby (~> 1.0)
    ipaddress (0.8.3)
    ipcalc (1.0.0)
    mime-types (2.99.3)
    minitest (5.11.3)
    necromancer (0.4.0)
    net-ssh (5.0.2)
    netaddr (1.5.1)
    netrc (0.11.0)
    pastel (0.7.2)
      equatable (~> 0.5.0)
      tty-color (~> 0.4.0)
    prompt (1.2.2)
    public_suffix (3.0.2)
    rake (10.5.0)
    rest-client (1.8.0)
      http-cookie (>= 1.0.2, < 2.0)
      mime-types (>= 1.16, < 3.0)
      netrc (~> 0.7)
    ruby-progressbar (1.9.0)
    thor (0.19.4)
    timers (4.1.2)
      hitimes
    tty-color (0.4.2)
    tty-cursor (0.5.0)
    tty-prompt (0.16.1)
      necromancer (~> 0.4.0)
      pastel (~> 0.7.0)
      timers (~> 4.0)
      tty-cursor (~> 0.5.0)
      tty-reader (~> 0.3.0)
    tty-reader (0.3.0)
      tty-cursor (~> 0.5.0)
      tty-screen (~> 0.6.4)
      wisper (~> 2.0.0)
    tty-screen (0.6.4)
    unf (0.1.4)
      unf_ext
    unf_ext (0.0.7.5)
    wisper (2.0.0)
    xml-simple (1.1.5)

PLATFORMS
  ruby

DEPENDENCIES
  bundler (~> 1.16)
  minitest (~> 5.10, >= 5.10.2)
  rake (~> 10.0)
  workin!

BUNDLED WITH
   1.16.2
